GEM
  remote: https://rubygems.org/
  specs:
    mini_portile2 (2.8.0)
    mustermann (3.0.0)
      ruby2_keywords (~> 0.0.1)
    nio4r (2.5.8)
    puma (5.6.5)
      nio4r (~> 2.0)
    rack (2.2.4)
    rack-protection (3.0.1)
      rack
    ruby2_keywords (0.0.5)
    sequel (5.60.1)
    sinatra (3.0.1)
      mustermann (~> 3.0)
      rack (~> 2.2, >= 2.2.4)
      rack-protection (= 3.0.1)
      tilt (~> 2.0)
    sinatra-cross_origin (0.4.0)
    sqlite3 (1.5.1)
      mini_portile2 (~> 2.8.0)
    tilt (2.0.11)

PLATFORMS
  ruby

DEPENDENCIES
  puma
  sequel
  sinatra
  sinatra-cross_origin
  sqlite3

BUNDLED WITH
   1.17.2
